GEM
  remote: https://rubygems.org/
  specs:
    diff-lcs (1.2.5)
    net-scp (1.2.1)
      net-ssh (>= 2.6.5)
    net-ssh (2.9.1)
    rake (10.3.2)
    rspec (3.0.0)
      rspec-core (~> 3.0.0)
      rspec-expectations (~> 3.0.0)
      rspec-mocks (~> 3.0.0)
    rspec-core (3.0.4)
      rspec-support (~> 3.0.0)
    rspec-expectations (3.0.4)
      diff-lcs (>= 1.2.0, < 2.0)
      rspec-support (~> 3.0.0)
    rspec-its (1.1.0)
      rspec-core (>= 3.0.0)
      rspec-expectations (>= 3.0.0)
    rspec-mocks (3.0.4)
      rspec-support (~> 3.0.0)
    rspec-support (3.0.4)
    serverspec (2.0.1)
      rspec (~> 3.0.0)
      rspec-its
      specinfra (~> 2.0)
    specinfra (2.4.2)
      net-scp
      net-ssh

PLATFORMS
  ruby

DEPENDENCIES
  rake
  serverspec (~> 2.0.0)
  specinfra
